PATH
  remote: .
  specs:
    flickraw (0.9.6)
      nokogiri

GEM
  remote: https://rubygems.org/
  specs:
    dotenv (0.9.0)
    mini_portile (0.5.0)
    nokogiri (1.6.0)
      mini_portile (~> 0.5.0)
    rake (10.1.0)

PLATFORMS
  ruby

DEPENDENCIES
  dotenv
  flickraw!
  rake
