PATH
  remote: .
  specs:
    flickraw (0.9.6)

GEM
  remote: https://rubygems.org/
  specs:
    dotenv (0.9.0)
    rake (10.1.0)

PLATFORMS
  ruby

DEPENDENCIES
  dotenv
  flickraw!
  rake
